{
  "InstitutionAddress": "15 Children's Way, Little Rock, ARK, 72202",
  "InstitutionName": "Arkansas Children Nutrition Center, University of Arkansas for Medical sciences",
  "InstitutionalDepartmentName": "Brain laboratory of ACNC, pediatrics department ",
  "TaskName": "Math task",
  "TaskDescription": "Subjects see two operands which were randomized addition and subtraction operation, then they see the three possible answers. All visual stimuli were black and presented centrally on a white background (Arial, 24 points). Each trial began with a blank screen displayed for 100 ms, presentation of arithmetic problems (e.g., 5 + 4) for 300 ms, followed by a blank screen for 1200 ms. Three possible answers were then presented on the screen,(e.g., a) 11 b) 9 c) 7) for 400 ms, with the correct answer to the presented problem always included in the choices. Upon choice presentation, participants were given a response interval of 1400 ms, and if no choice was selected in this time, no response was recorded. Participants were asked to press the key corresponding to their chosen answer with the first three fingers of their right hand",
    "Instructions": "Participants were instructed to calculate and select the correct response for each arithmetical operation, they also were instructed to respond as quickly and accurately as possible",
    "SamplingFrequency": 500,
    "Manufacturer": "Geodesic EEG system",
    "ManufacturersModelName": "Geodesic Net Amps 300, Netstation 4.5.2 software",
    "CapManufacturer": "Geodesic EEG systems",
    "CapManufacturersModelName": "128-channel Geodesic Hydrocell Sensor Net™",
    "EEGChannelCount": 129,
    "EOGChannelCount": 0,
    "ECGChannelCount": 0,
    "EMGChannelCount": 0,
    "MiscChannelCount": 4,
    "PowerLineFrequency": 100,
    "EEGPlacementScheme": "10 percent system",
    "EEGReference": "129",
    "EEGGround": "Cz",
    "SoftwareFilters": "n/a",
    "RecordingType": "continuous"
}